PATH
  remote: .
  specs:
    perquackey (0.8.0)
      json (~> 1.6.3)
      optparse-defaults (~> 0.1.0)
      sinatra (~> 1.0)

GEM
  remote: http://rubygems.org/
  specs:
    hpricot (0.8.3)
    json (1.6.3)
    mustache (0.12.0)
    optparse-defaults (0.1.0)
    rack (1.3.5)
    rack-protection (1.1.4)
      rack
    rake (0.8.7)
    rdiscount (1.6.5)
    ronn (0.7.3)
      hpricot (>= 0.8.2)
      mustache (>= 0.7.0)
      rdiscount (>= 1.5.8)
    shoe (0.8.0)
      rake (~> 0.8.7)
    sinatra (1.3.1)
      rack (~> 1.3, >= 1.3.4)
      rack-protection (~> 1.1, >= 1.1.2)
      tilt (~> 1.3, >= 1.3.3)
    tilt (1.3.3)

PLATFORMS
  ruby

DEPENDENCIES
  perquackey!
  ronn (~> 0.5)
  shoe (~> 0.8.0)
