GEM
  remote: http://rubygems.org/
  specs:
    configuration (1.2.0)
    hpricot (0.8.3)
    launchy (0.3.7)
      configuration (>= 0.0.5)
      rake (>= 0.8.1)
    mustache (0.12.0)
    optparse-defaults (0.1.0)
    rack (1.2.1)
    rake (0.8.7)
    rdiscount (1.6.5)
    redgreen (1.2.2)
    ronn (0.7.3)
      hpricot (>= 0.8.2)
      mustache (>= 0.7.0)
      rdiscount (>= 1.5.8)
    shoe (0.6.2)
      launchy
      rake
    sinatra (1.1.2)
      rack (~> 1.1)
      tilt (~> 1.2)
    tilt (1.2.1)

PLATFORMS
  ruby

DEPENDENCIES
  optparse-defaults (~> 0.1.0)
  redgreen (~> 1.2.2)
  ronn (~> 0.5)
  shoe (~> 0.6.2)
  sinatra (~> 1.0)
